GIT
  remote: git@github.com:yn/gmail.git
  revision: 6170dba951567c4774f835b728209707af55a9ee
  specs:
    gmail (0.5.0)
      gmail_xoauth (>= 0.3.0)
      mail (>= 2.2.1)

GEM
  remote: https://rubygems.org/
  specs:
    diff-lcs (1.2.5)
    gmail_xoauth (0.4.1)
      oauth (>= 0.3.6)
    mail (2.6.3)
      mime-types (>= 1.16, < 3)
    mime-types (2.6.1)
    oauth (0.4.7)
    rspec (3.1.0)
      rspec-core (~> 3.1.0)
      rspec-expectations (~> 3.1.0)
      rspec-mocks (~> 3.1.0)
    rspec-core (3.1.7)
      rspec-support (~> 3.1.0)
    rspec-expectations (3.1.2)
      diff-lcs (>= 1.2.0, < 2.0)
      rspec-support (~> 3.1.0)
    rspec-mocks (3.1.3)
      rspec-support (~> 3.1.0)
    rspec-support (3.1.2)
    timecop (0.7.1)

PLATFORMS
  ruby

DEPENDENCIES
  gmail!
  rspec
  timecop

BUNDLED WITH
   1.10.5
